GEM
  remote: https://rubygems.org/
  specs:
    influxdb (0.1.8)
      json
    json (1.8.3)

PLATFORMS
  ruby

DEPENDENCIES
  influxdb
